GEM
  remote: https://rubygems.org/
  specs:
    json (1.8.1)
    oauth (0.4.7)
    rack (1.5.2)
    sinatra (1.1.0)
      rack (~> 1.1)
      tilt (~> 1.1)
    tilt (1.4.1)

PLATFORMS
  ruby

DEPENDENCIES
  json (~> 1.8.1)
  oauth (~> 0.4.7)
  sinatra
